GEM
  remote: https://rubygems.org/
  specs:
    addressable (2.3.5)
    daemons (1.1.9)
    dm-core (1.2.1)
      addressable (~> 2.3)
    dm-migrations (1.2.0)
      dm-core (~> 1.2.0)
    eventmachine (1.0.3)
    i18n (0.6.5)
    json (1.8.1)
    m9t (0.3.4)
      i18n (>= 0.3.5)
      rake
    metar-parser (1.1.7)
      i18n (>= 0.3.5)
      m9t (~> 0.3.1)
      rake
      rdoc
    rack (1.5.2)
    rack-protection (1.5.1)
      rack
    rake (10.1.0)
    rdoc (4.0.1)
      json (~> 1.4)
    sass (3.2.12)
    sinatra (1.4.4)
      rack (~> 1.4)
      rack-protection (~> 1.4)
      tilt (~> 1.3, >= 1.3.4)
    thin (1.6.0)
      daemons (>= 1.0.9)
      eventmachine (>= 1.0.0)
      rack (>= 1.5.0)
    tilt (1.4.1)

PLATFORMS
  ruby

DEPENDENCIES
  dm-migrations
  metar-parser
  sass
  sinatra
  thin
